GEM
  remote: https://rubygems.org/
  specs:
    aasm (5.2.0)
      concurrent-ruby (~> 1.0)
    actioncable (5.2.6)
      actionpack (= 5.2.6)
      nio4r (~> 2.0)
      websocket-driver (>= 0.6.1)
    actionmailer (5.2.6)
      actionpack (= 5.2.6)
      actionview (= 5.2.6)
      activejob (= 5.2.6)
      mail (~> 2.5, >= 2.5.4)
      rails-dom-testing (~> 2.0)
    actionpack (5.2.6)
      actionview (= 5.2.6)
      activesupport (= 5.2.6)
      rack (~> 2.0, >= 2.0.8)
      rack-test (>= 0.6.3)
      rails-dom-testing (~> 2.0)
      rails-html-sanitizer (~> 1.0, >= 1.0.2)
    actionview (5.2.6)
      activesupport (= 5.2.6)
      builder (~> 3.1)
      erubi (~> 1.4)
      rails-dom-testing (~> 2.0)
      rails-html-sanitizer (~> 1.0, >= 1.0.3)
    active_model_serializers (0.10.12)
      actionpack (>= 4.1, < 6.2)
      activemodel (>= 4.1, < 6.2)
      case_transform (>= 0.2)
      jsonapi-renderer (>= 0.1.1.beta1, < 0.3)
    activejob (5.2.6)
      activesupport (= 5.2.6)
      globalid (>= 0.3.6)
    activemodel (5.2.6)
      activesupport (= 5.2.6)
    activerecord (5.2.6)
      activemodel (= 5.2.6)
      activesupport (= 5.2.6)
      arel (>= 9.0)
    activestorage (5.2.6)
      actionpack (= 5.2.6)
      activerecord (= 5.2.6)
      marcel (~> 1.0.0)
    activesupport (5.2.6)
      concurrent-ruby (~> 1.0, >= 1.0.2)
      i18n (>= 0.7, < 2)
      minitest (~> 5.1)
      tzinfo (~> 1.1)
    addressable (2.8.0)
      public_suffix (>= 2.0.2, < 5.0)
    ansi (1.5.0)
    apollo-federation (1.1.5)
      google-protobuf (~> 3.7)
      graphql (>= 1.9.8)
    arel (9.0.0)
    ast (2.4.2)
    aws-eventstream (1.2.0)
    aws-partitions (1.509.0)
    aws-sdk-core (3.121.1)
      aws-eventstream (~> 1, >= 1.0.2)
      aws-partitions (~> 1, >= 1.239.0)
      aws-sigv4 (~> 1.1)
      jmespath (~> 1.0)
    aws-sdk-kms (1.48.0)
      aws-sdk-core (~> 3, >= 3.120.0)
      aws-sigv4 (~> 1.1)
    aws-sdk-s3 (1.103.0)
      aws-sdk-core (~> 3, >= 3.120.0)
      aws-sdk-kms (~> 1)
      aws-sigv4 (~> 1.4)
    aws-sdk-sqs (1.44.0)
      aws-sdk-core (~> 3, >= 3.120.0)
      aws-sigv4 (~> 1.1)
    aws-sigv4 (1.4.0)
      aws-eventstream (~> 1, >= 1.0.2)
    base32-crockford-checksum (0.2.3)
    batch-loader (1.5.0)
    bcrypt (3.1.16)
    benchmark-perf (0.4.0)
    benchmark-trend (0.2.0)
    benchmark_methods (0.7)
    bergamasco (0.3.17)
      activesupport (>= 4.2.5, < 6)
      addressable (>= 2.3.6)
      builder (~> 3.2, >= 3.2.2)
      loofah (~> 2.0, >= 2.0.3)
      multi_json (~> 1.12)
      nokogiri (~> 1.6, >= 1.6.8)
      oj (>= 2.8.3)
      pandoc-ruby (~> 2.0, >= 2.0.0)
      safe_yaml (~> 1.0, >= 1.0.4)
    better_errors (2.9.1)
      coderay (>= 1.0.0)
      erubi (>= 1.0.0)
      rack (>= 0.9.0)
    bibtex-ruby (6.0.0)
      latex-decode (~> 0.0)
    binding_of_caller (1.0.0)
      debug_inspector (>= 0.0.1)
    bolognese (1.11.5)
      activesupport (>= 4.2.5)
      benchmark_methods (~> 0.7)
      bibtex-ruby (>= 5.1.0)
      builder (~> 3.2, >= 3.2.2)
      citeproc-ruby (~> 1.1, >= 1.1.12)
      colorize (~> 0.8.1)
      concurrent-ruby (~> 1.1, >= 1.1.5)
      csl-styles (~> 1.0, >= 1.0.1.10)
      edtf (~> 3.0, >= 3.0.4)
      gender_detector (~> 0.1.2)
      iso8601 (~> 0.9.1)
      json-ld-preloaded (~> 3.1, >= 3.1.3)
      jsonlint (~> 0.3.0)
      loofah (~> 2.0, >= 2.0.3)
      maremma (>= 4.9.4, < 5)
      namae (~> 1.0)
      nokogiri (>= 1.13.2, < 1.14)
      oj (~> 3.10)
      oj_mimic_json (~> 1.0, >= 1.0.1)
      postrank-uri (~> 1.0, >= 1.0.18)
      rdf-rdfxml (~> 3.1)
      rdf-turtle (~> 3.1)
      thor (>= 0.19)
    bootsnap (1.9.1)
      msgpack (~> 1.0)
    builder (3.2.4)
    byebug (11.1.3)
    cancancan (2.3.0)
    capybara (3.35.3)
      addressable
      mini_mime (>= 0.1.3)
      nokogiri (~> 1.8)
      rack (>= 1.6.0)
      rack-test (>= 0.6.3)
      regexp_parser (>= 1.5, < 3.0)
      xpath (~> 3.2)
    capybara-screenshot (1.0.25)
      capybara (>= 1.0, < 4)
      launchy
    case_transform (0.2)
      activesupport
    citeproc (1.0.10)
      namae (~> 1.0)
    citeproc-ruby (1.1.14)
      citeproc (~> 1.0, >= 1.0.9)
      csl (~> 1.6)
    cliver (0.3.2)
    coderay (1.1.3)
    coffee-rails (4.2.2)
      coffee-script (>= 2.2.0)
      railties (>= 4.0.0)
    coffee-script (2.4.1)
      coffee-script-source
      execjs
    coffee-script-source (1.12.2)
    colorize (0.8.1)
    commonmarker (0.21.2)
      ruby-enum (~> 0.5)
    concurrent-ruby (1.1.9)
    config (2.2.3)
      deep_merge (~> 1.2, >= 1.2.1)
      dry-validation (~> 1.0, >= 1.0.0)
    countries (3.1.0)
      i18n_data (~> 0.11.0)
      sixarm_ruby_unaccent (~> 1.1)
      unicode_utils (~> 1.4)
    country_select (4.0.0)
      countries (~> 3.0)
      sort_alphabetical (~> 1.0)
    crack (0.4.5)
      rexml
    crass (1.0.6)
    csl (1.6.0)
      namae (~> 1.0)
      rexml
    csl-styles (1.0.1.11)
      csl (~> 1.0)
    cuprite (0.13)
      capybara (>= 2.1, < 4)
      ferrum (~> 0.11.0)
    dalli (2.7.11)
    database_cleaner (2.0.1)
      database_cleaner-active_record (~> 2.0.0)
    database_cleaner-active_record (2.0.1)
      activerecord (>= 5.a)
      database_cleaner-core (~> 2.0.0)
    database_cleaner-core (2.0.1)
    debug_inspector (1.1.0)
    deep_merge (1.2.1)
    devise (4.8.0)
      bcrypt (~> 3.0)
      orm_adapter (~> 0.1)
      railties (>= 4.1.0)
      responders
      warden (~> 1.2.3)
    diff-lcs (1.4.4)
    docile (1.4.0)
    docopt (0.6.1)
    domain_name (0.5.20190701)
      unf (>= 0.0.5, < 1.0.0)
    dotenv (2.7.6)
    dry-configurable (0.13.0)
      concurrent-ruby (~> 1.0)
      dry-core (~> 0.6)
    dry-container (0.9.0)
      concurrent-ruby (~> 1.0)
      dry-configurable (~> 0.13, >= 0.13.0)
    dry-core (0.7.1)
      concurrent-ruby (~> 1.0)
    dry-inflector (0.2.1)
    dry-initializer (3.0.4)
    dry-logic (1.2.0)
      concurrent-ruby (~> 1.0)
      dry-core (~> 0.5, >= 0.5)
    dry-schema (1.8.0)
      concurrent-ruby (~> 1.0)
      dry-configurable (~> 0.13, >= 0.13.0)
      dry-core (~> 0.5, >= 0.5)
      dry-initializer (~> 3.0)
      dry-logic (~> 1.0)
      dry-types (~> 1.5)
    dry-types (1.5.1)
      concurrent-ruby (~> 1.0)
      dry-container (~> 0.3)
      dry-core (~> 0.5, >= 0.5)
      dry-inflector (~> 0.1, >= 0.1.2)
      dry-logic (~> 1.0, >= 1.0.2)
    dry-validation (1.7.0)
      concurrent-ruby (~> 1.0)
      dry-container (~> 0.7, >= 0.7.1)
      dry-core (~> 0.5, >= 0.5)
      dry-initializer (~> 3.0)
      dry-schema (~> 1.8, >= 1.8.0)
    ebnf (2.3.5)
      htmlentities (~> 4.3)
      rdf (~> 3.2)
      scanf (~> 1.0)
      sxp (~> 1.2)
      unicode-types (~> 1.8)
    edtf (3.1.1)
      activesupport (>= 3.0, < 8.0)
    elasticsearch (7.1.0)
      elasticsearch-api (= 7.1.0)
      elasticsearch-transport (= 7.1.0)
    elasticsearch-api (7.1.0)
      multi_json
    elasticsearch-extensions (0.0.33)
      ansi
      elasticsearch
    elasticsearch-model (7.2.0)
      activesupport (> 3)
      elasticsearch (~> 7)
      hashie
    elasticsearch-rails (7.2.0)
    elasticsearch-transport (7.1.0)
      faraday
      multi_json
    email_spec (2.2.0)
      htmlentities (~> 4.3.3)
      launchy (~> 2.1)
      mail (~> 2.7)
    erubi (1.10.0)
    excon (0.71.1)
    execjs (2.8.1)
    factory_bot (4.11.1)
      activesupport (>= 3.0.0)
    factory_bot_rails (4.11.1)
      factory_bot (~> 4.11.1)
      railties (>= 3.0.0)
    faraday (0.17.4)
      multipart-post (>= 1.2, < 3)
    faraday-encoding (0.0.5)
      faraday
    faraday_middleware (0.14.0)
      faraday (>= 0.7.4, < 1.0)
    faraday_middleware-aws-sigv4 (0.2.4)
      aws-sigv4 (~> 1.0)
      faraday (>= 0.9)
    fast_jsonapi (1.5)
      activesupport (>= 4.2)
    ferrum (0.11)
      addressable (~> 2.5)
      cliver (~> 0.3)
      concurrent-ruby (~> 1.1)
      websocket-driver (>= 0.6, < 0.8)
    ffi (1.15.4)
    flipper (0.17.2)
    flipper-active_support_cache_store (0.17.2)
      activesupport (>= 4.2, < 7)
      flipper (~> 0.17.2)
    flipper-api (0.17.2)
      flipper (~> 0.17.2)
      rack (>= 1.4, < 3)
    flipper-redis (0.17.2)
      flipper (~> 0.17.2)
      redis (>= 2.2, < 5)
    flipper-ui (0.17.2)
      erubi (>= 1.0.0, < 2.0.0)
      flipper (~> 0.17.2)
      rack (>= 1.4, < 3)
      rack-protection (>= 1.5.3, < 2.1.0)
    gender_detector (0.1.2)
      unicode_utils (>= 1.3.0)
    git (1.9.1)
      rchardet (~> 1.8)
    globalid (0.5.2)
      activesupport (>= 5.0)
    google-protobuf (3.10.0.rc.1)
    graphql (1.12.16)
    graphql-batch (0.4.3)
      graphql (>= 1.3, < 2)
      promise.rb (~> 0.7.2)
    graphql-cache (0.6.0)
      graphql (~> 1, > 1.8)
    graphql-errors (0.4.0)
      graphql (>= 1.6.0, < 2)
    gravtastic (3.2.6)
    hashdiff (1.0.1)
    hashie (4.1.0)
    htmlentities (4.3.4)
    http-accept (1.7.0)
    http-cookie (1.0.4)
      domain_name (~> 0.5)
    i18n (1.8.10)
      concurrent-ruby (~> 1.0)
    i18n_data (0.11.0)
    iso8601 (0.9.1)
    jmespath (1.4.0)
    json (2.5.1)
    json-canonicalization (0.4.0)
    json-ld (3.2.5)
      htmlentities (~> 4.3)
      json-canonicalization (~> 0.3, >= 0.3.2)
      link_header (~> 0.0, >= 0.0.8)
      multi_json (~> 1.15)
      rack (>= 2.2, < 4)
      rdf (~> 3.2, >= 3.2.10)
    json-ld-preloaded (3.2.2)
      json-ld (~> 3.2)
      rdf (~> 3.2)
    jsonapi-renderer (0.2.2)
    jsonlint (0.3.0)
      oj (~> 3)
      optimist (~> 3)
    jwt (2.2.3)
    kaminari (1.2.1)
      activesupport (>= 4.1.0)
      kaminari-actionview (= 1.2.1)
      kaminari-activerecord (= 1.2.1)
      kaminari-core (= 1.2.1)
    kaminari-actionview (1.2.1)
      actionview
      kaminari-core (= 1.2.1)
    kaminari-activerecord (1.2.1)
      activerecord
      kaminari-core (= 1.2.1)
    kaminari-core (1.2.1)
    latex-decode (0.4.0)
    launchy (2.5.0)
      addressable (~> 2.7)
    link_header (0.0.8)
    listen (3.1.5)
      rb-fsevent (~> 0.9, >= 0.9.4)
      rb-inotify (~> 0.9, >= 0.9.7)
      ruby_dep (~> 1.2)
    lograge (0.11.2)
      actionpack (>= 4)
      activesupport (>= 4)
      railties (>= 4)
      request_store (~> 1.0)
    logstash-event (1.2.02)
    logstash-logger (0.26.1)
      logstash-event (~> 1.2)
    loofah (2.12.0)
      crass (~> 1.0.2)
      nokogiri (>= 1.5.9)
    mail (2.7.1)
      mini_mime (>= 0.1.1)
    mailgun-ruby (1.2.5)
      rest-client (>= 2.0.2)
    marcel (1.0.2)
    maremma (4.9.8)
      activesupport (>= 4.2.5)
      addressable (>= 2.3.6)
      builder (~> 3.2, >= 3.2.2)
      excon (~> 0.71.0)
      faraday (~> 0.17.3)
      faraday-encoding (~> 0.0.4)
      faraday_middleware (~> 0.14.0)
      nokogiri (>= 1.11.2, < 1.14.0)
      oj (>= 2.8.3)
      oj_mimic_json (~> 1.0, >= 1.0.1)
    matrix (0.4.2)
    method_source (1.0.0)
    mime-types (3.3.1)
      mime-types-data (~> 3.2015)
    mime-types-data (3.2021.0901)
    mini_magick (4.11.0)
    mini_mime (1.1.1)
    mini_portile2 (2.8.5)
    minitest (5.14.4)
    msgpack (1.4.2)
    multi_json (1.15.0)
    multi_xml (0.6.0)
    multipart-post (2.1.1)
    mysql2 (0.4.10)
    namae (1.0.2)
    netrc (0.11.0)
    nilify_blanks (1.4.0)
      activerecord (>= 4.0.0)
      activesupport (>= 4.0.0)
    nio4r (2.5.8)
    nokogiri (1.13.10)
      mini_portile2 (~> 2.8.0)
      racc (~> 1.4)
    oauth2 (1.4.7)
      faraday (>= 0.8, < 2.0)
      jwt (>= 1.0, < 3.0)
      multi_json (~> 1.3)
      multi_xml (~> 0.5)
      rack (>= 1.2, < 3)
    oj (3.13.9)
    oj_mimic_json (1.0.1)
    omniauth (2.0.4)
      hashie (>= 3.4.6)
      rack (>= 1.6.2, < 3)
      rack-protection
    omniauth-github (2.0.0)
      omniauth (~> 2.0)
      omniauth-oauth2 (~> 1.7.1)
    omniauth-globus (0.9.1)
      jwt (~> 2.0)
      omniauth (>= 1.9)
      omniauth-oauth2 (~> 1.6)
    omniauth-oauth2 (1.7.1)
      oauth2 (~> 1.4)
      omniauth (>= 1.9, < 3)
    omniauth-orcid (2.1.1)
      omniauth-oauth2 (~> 1.3)
      ruby_dig (~> 0.0.2)
    omniauth-rails_csrf_protection (1.0.0)
      actionpack (>= 4.2)
      omniauth (~> 2.0)
    optimist (3.1.0)
    orcid_client (0.10.0)
      activesupport (>= 4.2.5, < 6)
      bolognese (~> 1.3, >= 1.9.8)
      builder (~> 3.2, >= 3.2.2)
      dotenv (~> 2.1, >= 2.1.1)
      maremma (>= 4.4)
      namae (~> 1.0.1)
      nokogiri (>= 1.13.9)
    orm_adapter (0.5.0)
    pandoc-ruby (2.1.4)
    parallel (1.22.1)
    parser (3.1.2.1)
      ast (~> 2.4.1)
    postrank-uri (1.0.24)
      addressable (>= 2.4.0)
      nokogiri (>= 1.8.0)
      public_suffix (>= 2.0.0, < 2.1)
    promise.rb (0.7.4)
    public_suffix (2.0.5)
    pwqgen.rb (0.1.0)
      docopt (~> 0.5)
      sysrandom
    racc (1.5.2)
    rack (2.2.3)
    rack-cors (1.1.1)
      rack (>= 2.0.0)
    rack-jwt (0.4.0)
      jwt (~> 2.0)
      rack (>= 1.6.0)
    rack-protection (2.0.8.1)
      rack
    rack-test (1.1.0)
      rack (>= 1.0, < 3)
    rack-utf8_sanitizer (1.7.0)
      rack (>= 1.0, < 3.0)
    rails (5.2.6)
      actioncable (= 5.2.6)
      actionmailer (= 5.2.6)
      actionpack (= 5.2.6)
      actionview (= 5.2.6)
      activejob (= 5.2.6)
      activemodel (= 5.2.6)
      activerecord (= 5.2.6)
      activestorage (= 5.2.6)
      activesupport (= 5.2.6)
      bundler (>= 1.3.0)
      railties (= 5.2.6)
      sprockets-rails (>= 2.0.0)
    rails-dom-testing (2.0.3)
      activesupport (>= 4.2.0)
      nokogiri (>= 1.6)
    rails-html-sanitizer (1.4.2)
      loofah (~> 2.3)
    railties (5.2.6)
      actionpack (= 5.2.6)
      activesupport (= 5.2.6)
      method_source
      rake (>= 0.8.7)
      thor (>= 0.19.0, < 2.0)
    rainbow (3.1.1)
    rake (12.3.3)
    rb-fsevent (0.11.0)
    rb-inotify (0.10.1)
      ffi (~> 1.0)
    rchardet (1.8.0)
    rdf (3.2.11)
      link_header (~> 0.0, >= 0.0.8)
    rdf-rdfxml (3.2.2)
      builder (~> 3.2)
      htmlentities (~> 4.3)
      rdf (~> 3.2)
      rdf-xsd (~> 3.2)
    rdf-turtle (3.2.1)
      ebnf (~> 2.3)
      rdf (~> 3.2)
    rdf-xsd (3.2.1)
      rdf (~> 3.2)
      rexml (~> 3.2)
    redis (4.4.0)
    regexp_parser (2.1.1)
    remotipart (1.4.4)
    repost (0.3.8)
    request_store (1.5.0)
      rack (>= 1.4)
    responders (3.0.1)
      actionpack (>= 5.0)
      railties (>= 5.0)
    rest-client (2.1.0)
      http-accept (>= 1.7.0, < 2.0)
      http-cookie (>= 1.0.2, < 2.0)
      mime-types (>= 1.16, < 4.0)
      netrc (~> 0.8)
    rexml (3.2.5)
    rouge (3.26.1)
    rspec (3.9.0)
      rspec-core (~> 3.9.0)
      rspec-expectations (~> 3.9.0)
      rspec-mocks (~> 3.9.0)
    rspec-benchmark (0.4.0)
      benchmark-perf (~> 0.4.0)
      benchmark-trend (~> 0.2.0)
      rspec (>= 3.0.0, < 4.0.0)
    rspec-core (3.9.3)
      rspec-support (~> 3.9.3)
    rspec-expectations (3.9.4)
      diff-lcs (>= 1.2.0, < 2.0)
      rspec-support (~> 3.9.0)
    rspec-graphql_matchers (1.3.0)
      graphql (>= 1.8, < 2.0)
    rspec-mocks (3.9.1)
      diff-lcs (>= 1.2.0, < 2.0)
      rspec-support (~> 3.9.0)
    rspec-rails (3.9.1)
      actionpack (>= 3.0)
      activesupport (>= 3.0)
      railties (>= 3.0)
      rspec-core (~> 3.9.0)
      rspec-expectations (~> 3.9.0)
      rspec-mocks (~> 3.9.0)
      rspec-support (~> 3.9.0)
    rspec-support (3.9.4)
    rubocop (1.38.0)
      json (~> 2.3)
      parallel (~> 1.10)
      parser (>= 3.1.2.1)
      rainbow (>= 2.2.2, < 4.0)
      regexp_parser (>= 1.8, < 3.0)
      rexml (>= 3.2.5, < 4.0)
      rubocop-ast (>= 1.23.0, < 2.0)
      ruby-progressbar (~> 1.7)
      unicode-display_width (>= 1.4.0, < 3.0)
    rubocop-ast (1.23.0)
      parser (>= 3.1.1.0)
    rubocop-packaging (0.5.2)
      rubocop (>= 1.33, < 2.0)
    rubocop-performance (1.6.1)
      rubocop (>= 0.71.0)
    rubocop-rails (2.17.2)
      activesupport (>= 4.2.0)
      rack (>= 1.1)
      rubocop (>= 1.33.0, < 2.0)
    rubocop-rspec (2.15.0)
      rubocop (~> 1.33)
    ruby-enum (0.9.0)
      i18n
    ruby-progressbar (1.11.0)
    ruby_dep (1.5.0)
    ruby_dig (0.0.2)
    safe_yaml (1.0.5)
    scanf (1.0.0)
    sentry-raven (2.13.0)
      faraday (>= 0.7.6, < 1.0)
    shoryuken (5.2.3)
      aws-sdk-core (>= 2)
      concurrent-ruby
      thor
    shoulda-matchers (4.5.1)
      activesupport (>= 4.2.0)
    simple_form (4.1.0)
      actionpack (>= 5.0)
      activemodel (>= 5.0)
    simplecov (0.17.1)
      docile (~> 1.1)
      json (>= 1.8, < 3)
      simplecov-html (~> 0.10.0)
    simplecov-html (0.10.2)
    sixarm_ruby_unaccent (1.2.0)
    sort_alphabetical (1.1.0)
      unicode_utils (>= 1.2.2)
    spring (2.1.1)
    spring-commands-rspec (1.0.4)
      spring (>= 0.9.1)
    spring-watcher-listen (2.0.1)
      listen (>= 2.7, < 4.0)
      spring (>= 1.2, < 3.0)
    sprockets (3.7.2)
      concurrent-ruby (~> 1.0)
      rack (> 1, < 3)
    sprockets-rails (3.2.2)
      actionpack (>= 4.0)
      activesupport (>= 4.0)
      sprockets (>= 3.0.0)
    strip_attributes (1.11.0)
      activemodel (>= 3.0, < 7.0)
    sxp (1.2.4)
      matrix (~> 0.4)
      rdf (~> 3.2)
    sysrandom (1.0.5)
    test-prof (0.10.2)
    thor (1.1.0)
    thread_safe (0.3.6)
    tzinfo (1.2.9)
      thread_safe (~> 0.1)
    tzinfo-data (1.2021.2)
      tzinfo (>= 1.0.0)
    uglifier (2.7.2)
      execjs (>= 0.3.0)
      json (>= 1.8.0)
    unf (0.1.4)
      unf_ext
    unf_ext (0.0.8)
    unicode-display_width (2.3.0)
    unicode-types (1.9.0)
    unicode_utils (1.4.0)
    validates_email_format_of (1.6.3)
      i18n
    vcr (3.0.3)
    warden (1.2.9)
      rack (>= 2.0.9)
    webmock (3.14.0)
      addressable (>= 2.8.0)
      crack (>= 0.3.2)
      hashdiff (>= 0.4.0, < 2.0.0)
    websocket-driver (0.7.5)
      websocket-extensions (>= 0.1.0)
    websocket-extensions (0.1.5)
    with_env (1.1.0)
    xpath (3.2.0)
      nokogiri (~> 1.8)

PLATFORMS
  ruby

DEPENDENCIES
  aasm (~> 5.0, >= 5.0.6)
  active_model_serializers (~> 0.10.10)
  addressable (~> 2.7)
  apollo-federation (~> 1.0)
  aws-sdk-s3
  aws-sdk-sqs (~> 1.23, >= 1.23.1)
  base32-crockford-checksum (~> 0.2.3)
  batch-loader (~> 1.4, >= 1.4.1)
  bergamasco (~> 0.3.17)
  better_errors
  binding_of_caller
  bootsnap (~> 1.4, >= 1.4.4)
  byebug
  cancancan (~> 2.3)
  capybara (~> 3.31)
  capybara-screenshot (~> 1.0, >= 1.0.24)
  coffee-rails (~> 4.1, >= 4.1.1)
  commonmarker (~> 0.21.0)
  config (~> 2.2, >= 2.2.1)
  country_select (~> 4.0)
  cuprite (~> 0.9)
  dalli (~> 2.7, >= 2.7.10)
  database_cleaner
  devise (~> 4.8)
  dotenv (~> 2.7, >= 2.7.5)
  elasticsearch (~> 7.1.0)
  elasticsearch-extensions (~> 0.0.29)
  elasticsearch-model (~> 7.0)
  elasticsearch-rails (~> 7.0)
  email_spec (~> 2.2)
  factory_bot_rails (~> 4.8, >= 4.8.2)
  faraday_middleware-aws-sigv4 (~> 0.2.4)
  fast_jsonapi (~> 1.5)
  flipper (~> 0.17.2)
  flipper-active_support_cache_store
  flipper-api
  flipper-redis
  flipper-ui
  git (~> 1.5)
  google-protobuf (= 3.10.0.rc.1)
  graphql (~> 1.9, >= 1.9.16)
  graphql-batch (~> 0.4.1)
  graphql-cache (~> 0.6.0)
  graphql-errors (~> 0.4.0)
  gravtastic (~> 3.2, >= 3.2.6)
  hashdiff (>= 1.0.0.beta1, < 2.0.0)
  hashie
  jwt (~> 2.2, >= 2.2.1)
  kaminari (~> 1.2)
  listen (>= 3.0.5, < 3.2)
  lograge (~> 0.11.2)
  logstash-event (~> 1.2, >= 1.2.02)
  logstash-logger (~> 0.26.1)
  mailgun-ruby (~> 1.2)
  maremma (>= 4.3)
  mini_magick (~> 4.5, >= 4.5.1)
  mysql2 (~> 0.4.4)
  namae (~> 1.0, >= 1.0.1)
  nilify_blanks (~> 1.3)
  nokogiri (~> 1.10, >= 1.10.7)
  oauth2 (~> 1.4)
  oj (>= 2.8.3)
  oj_mimic_json (~> 1.0, >= 1.0.1)
  omniauth (~> 2.0, >= 2.0.4)
  omniauth-github (~> 2.0)
  omniauth-globus (~> 0.9.1)
  omniauth-orcid (~> 2.0)
  omniauth-rails_csrf_protection (~> 1.0)
  orcid_client (~> 0.10.0)
  postrank-uri (~> 1.0, >= 1.0.24)
  pwqgen.rb (~> 0.1.0)
  rack-cors (~> 1.0)
  rack-jwt
  rack-utf8_sanitizer (~> 1.6)
  rails (~> 5.2.0)
  rake (~> 12.0)
  remotipart (~> 1.2)
  repost (~> 0.3.7)
  rouge (~> 3.15)
  rspec-benchmark (~> 0.4.0)
  rspec-graphql_matchers (~> 1.1)
  rspec-rails (~> 3.8, >= 3.8.2)
  rubocop (~> 1.3, >= 1.3.1)
  rubocop-packaging (~> 0.5.1)
  rubocop-performance (~> 1.5, >= 1.5.1)
  rubocop-rails (~> 2.8, >= 2.8.1)
  rubocop-rspec (~> 2.0)
  sentry-raven (~> 2.13)
  shoryuken (~> 5.0, >= 5.0.3)
  shoulda-matchers (~> 4.1, >= 4.1.2)
  simple_form (~> 4.1.0)
  simplecov (~> 0.17.1)
  spring
  spring-commands-rspec
  spring-watcher-listen (~> 2.0.0)
  sprockets (~> 3.7, >= 3.7.2)
  sprockets-rails (~> 3.2, >= 3.2.1)
  strip_attributes (~> 1.9, >= 1.9.2)
  test-prof (~> 0.10.2)
  tzinfo-data (~> 1.2019, >= 1.2019.3)
  uglifier (~> 2.7, >= 2.7.2)
  validates_email_format_of (~> 1.6, >= 1.6.3)
  vcr (~> 3.0.3)
  webmock (~> 3.1)
  with_env (~> 1.1)

BUNDLED WITH
   2.4.20
